GEM
  remote: https://rubygems.org/
  specs:
    coderay (1.1.1)
    haml (4.0.7)
      tilt
    method_source (0.8.2)
    pry (0.10.3)
      coderay (~> 1.1.0)
      method_source (~> 0.8.1)
      slop (~> 3.4)
    rack (1.6.0)
    rack-protection (1.5.3)
      rack
    sequel (4.32.0)
    shotgun (0.9)
      rack (>= 1.0)
    sinatra (1.4.5)
      rack (~> 1.4)
      rack-protection (~> 1.4)
      tilt (~> 1.3, >= 1.3.4)
    slop (3.6.0)
    sqlite3 (1.3.11)
    tilt (1.4.1)
    webrick (1.3.1)

PLATFORMS
  ruby

DEPENDENCIES
  haml
  pry
  sequel
  shotgun
  sinatra
  sqlite3
  webrick

BUNDLED WITH
   1.11.2
